GEM
  remote: http://rubygems.org/
  specs:
    assistance (0.1.5)
    diff-lcs (1.1.2)
    json (1.5.1)
    rcov (0.9.9)
    rspec (2.5.0)
      rspec-core (~> 2.5.0)
      rspec-expectations (~> 2.5.0)
      rspec-mocks (~> 2.5.0)
    rspec-core (2.5.1)
    rspec-expectations (2.5.0)
      diff-lcs (~> 1.1.2)
    rspec-mocks (2.5.0)
    uuidtools (2.1.2)

PLATFORMS
  ruby

DEPENDENCIES
  assistance
  json
  rcov
  rspec
  uuidtools
